GEM
  remote: https://rubygems.org/
  specs:
    diff-lcs (1.3)
    mini_magick (4.9.2)
    rspec (3.8.0)
      rspec-core (~> 3.8.0)
      rspec-expectations (~> 3.8.0)
      rspec-mocks (~> 3.8.0)
    rspec-core (3.8.0)
      rspec-support (~> 3.8.0)
    rspec-expectations (3.8.2)
      diff-lcs (>= 1.2.0, < 2.0)
      rspec-support (~> 3.8.0)
    rspec-mocks (3.8.0)
      diff-lcs (>= 1.2.0, < 2.0)
      rspec-support (~> 3.8.0)
    rspec-support (3.8.0)
    ruby-filemagic (0.7.2)

PLATFORMS
  ruby

DEPENDENCIES
  mini_magick
  rspec
  ruby-filemagic

BUNDLED WITH
   1.16.1
